GEM
  remote: http://rubygems.org/
  specs:
    addressable (2.3.4)
    bcrypt-ruby (3.0.1)
    coffee-script (2.2.0)
      coffee-script-source
      execjs
    coffee-script-source (1.6.2)
    daemons (1.1.9)
    data_mapper (1.2.0)
      dm-aggregates (~> 1.2.0)
      dm-constraints (~> 1.2.0)
      dm-core (~> 1.2.0)
      dm-migrations (~> 1.2.0)
      dm-serializer (~> 1.2.0)
      dm-timestamps (~> 1.2.0)
      dm-transactions (~> 1.2.0)
      dm-types (~> 1.2.0)
      dm-validations (~> 1.2.0)
    data_objects (0.10.13)
      addressable (~> 2.1)
    dm-aggregates (1.2.0)
      dm-core (~> 1.2.0)
    dm-constraints (1.2.0)
      dm-core (~> 1.2.0)
    dm-core (1.2.1)
      addressable (~> 2.3)
    dm-do-adapter (1.2.0)
      data_objects (~> 0.10.6)
      dm-core (~> 1.2.0)
    dm-migrations (1.2.0)
      dm-core (~> 1.2.0)
    dm-mysql-adapter (1.2.0)
      dm-do-adapter (~> 1.2.0)
      do_mysql (~> 0.10.6)
    dm-postgres-adapter (1.2.0)
      dm-do-adapter (~> 1.2.0)
      do_postgres (~> 0.10.6)
    dm-serializer (1.2.2)
      dm-core (~> 1.2.0)
      fastercsv (~> 1.5)
      json (~> 1.6)
      json_pure (~> 1.6)
      multi_json (~> 1.0)
    dm-timestamps (1.2.0)
      dm-core (~> 1.2.0)
    dm-transactions (1.2.0)
      dm-core (~> 1.2.0)
    dm-types (1.2.2)
      bcrypt-ruby (~> 3.0)
      dm-core (~> 1.2.0)
      fastercsv (~> 1.5)
      json (~> 1.6)
      multi_json (~> 1.0)
      stringex (~> 1.4)
      uuidtools (~> 2.1)
    dm-validations (1.2.0)
      dm-core (~> 1.2.0)
    do_mysql (0.10.13)
      data_objects (= 0.10.13)
    do_postgres (0.10.13)
      data_objects (= 0.10.13)
    eventmachine (1.0.3)
    execjs (1.4.0)
      multi_json (~> 1.0)
    fastercsv (1.5.5)
    json (1.8.0)
    json_pure (1.8.0)
    mini_portile (0.5.0)
    multi_json (1.7.6)
    mysql2 (0.3.11)
    nokogiri (1.6.0)
      mini_portile (~> 0.5.0)
    pg (0.15.1)
    rack (1.5.2)
    rack-protection (1.5.0)
      rack
    rack-rewrite (1.3.3)
    rdiscount (2.1.6)
    sass (3.2.9)
    sinatra (1.4.3)
      rack (~> 1.4)
      rack-protection (~> 1.4)
      tilt (~> 1.3, >= 1.3.4)
    slim (2.0.0)
      temple (~> 0.6.5)
      tilt (~> 1.3, >= 1.3.3)
    stringex (1.5.1)
    temple (0.6.5)
    thin (1.5.1)
      daemons (>= 1.0.9)
      eventmachine (>= 0.12.6)
      rack (>= 1.0.0)
    tilt (1.4.1)
    uuidtools (2.1.4)

PLATFORMS
  ruby

DEPENDENCIES
  coffee-script
  data_mapper
  dm-mysql-adapter
  dm-postgres-adapter
  mysql2
  nokogiri
  pg
  rack-rewrite
  rdiscount
  sass
  sinatra
  slim
  thin
